GEM
  remote: http://rubygems.org/
  specs:
    beep (0.0.1)
    diff-lcs (1.1.2)
    git (1.2.5)
    jeweler (1.6.2)
      bundler (~> 1.0)
      git (>= 1.2.5)
      rake
    rake (0.9.1)
    rcov (0.9.9)
    rspec (2.6.0)
      rspec-core (~> 2.6.0)
      rspec-expectations (~> 2.6.0)
      rspec-mocks (~> 2.6.0)
    rspec-core (2.6.3)
    rspec-expectations (2.6.0)
      diff-lcs (~> 1.1.2)
    rspec-mocks (2.6.0)
    trollop (1.16.2)

PLATFORMS
  ruby

DEPENDENCIES
  beep (~> 0.0.1)
  bundler (~> 1.0.0)
  jeweler (~> 1.6.2)
  rcov
  rspec (~> 2.6.0)
  trollop
